GEM
  remote: https://rubygems.org/
  specs:
    rack (1.6.6)
    rack-protection (1.5.3)
      rack
    redis (3.3.3)
    sass (3.4.23)
    sinatra (1.4.8)
      rack (~> 1.5)
      rack-protection (~> 1.4)
      tilt (>= 1.3, < 3)
    tilt (2.0.7)

PLATFORMS
  ruby

DEPENDENCIES
  redis
  sass
  sinatra

BUNDLED WITH
   1.15.0
